GEM
  remote: https://rubygems.org/
  specs:
    elasticsearch-transport (1.0.12)
      faraday
      multi_json
    faraday (0.9.1)
      multipart-post (>= 1.2, < 3)
    multi_json (1.11.2)
    multipart-post (2.0.0)
    rack (1.6.4)
    rack-protection (1.5.3)
      rack
    sinatra (1.4.6)
      rack (~> 1.4)
      rack-protection (~> 1.4)
      tilt (>= 1.3, < 3)
    tilt (2.0.1)

PLATFORMS
  ruby

DEPENDENCIES
  elasticsearch-transport
  sinatra

BUNDLED WITH
   1.10.6
